NUGET
  remote: https://nuget.org/api/v2
  specs:
    FAKE (4.4.2)
    FSharp.Compiler.Service (0.0.90)
    FSharp.Formatting (2.10.3)
      FSharp.Compiler.Service (>= 0.0.90 <= 1.3)
      FSharpVSPowerTools.Core (1.9.0)
    FSharpVSPowerTools.Core (1.9.0)
      FSharp.Compiler.Service (>= 0.0.90)
    Node.js (4.0.0)
    Npm.js (2.13.1)
      Node.js (>= 0.12.7)
